GIT
  remote: git@github.com:MarsBased/middleman-email.git
  revision: 32cc41f23376eb0fe876cdd747a9efe534604543
  specs:
    middleman-email (0.0.1)
      mail
      middleman-core (>= 3.3.12)
      nokogiri
      premailer

GEM
  remote: https://rubygems.org/
  remote: https://rails-assets.org/
  specs:
    activesupport (4.1.16)
      i18n (~> 0.6, >= 0.6.9)
      json (~> 1.7, >= 1.7.7)
      minitest (~> 5.1)
      thread_safe (~> 0.1)
      tzinfo (~> 1.1)
    addressable (2.4.0)
    autoprefixer-rails (6.4.1)
      execjs
    bootstrap-sass (3.3.7)
      autoprefixer-rails (>= 5.2.1)
      sass (>= 3.3.4)
    celluloid (0.16.0)
      timers (~> 4.0.0)
    chunky_png (1.3.7)
    coffee-script (2.4.1)
      coffee-script-source
      execjs
    coffee-script-source (1.10.0)
    compass (1.0.3)
      chunky_png (~> 1.2)
      compass-core (~> 1.0.2)
      compass-import-once (~> 1.0.5)
      rb-fsevent (>= 0.9.3)
      rb-inotify (>= 0.9)
      sass (>= 3.3.13, < 3.5)
    compass-core (1.0.3)
      multi_json (~> 1.0)
      sass (>= 3.3.0, < 3.5)
    compass-import-once (1.0.5)
      sass (>= 3.2, < 3.5)
    css_parser (1.4.5)
      addressable
    em-websocket (0.5.1)
      eventmachine (>= 0.12.9)
      http_parser.rb (~> 0.6.0)
    erubis (2.7.0)
    eventmachine (1.2.0.1)
    execjs (2.7.0)
    ffi (1.9.14)
    font-awesome-sass (4.3.2.1)
      sass (~> 3.2)
    haml (4.0.7)
      tilt
    hike (1.2.3)
    hitimes (1.2.4)
    hooks (0.4.1)
      uber (~> 0.0.14)
    htmlentities (4.3.4)
    http_parser.rb (0.6.0)
    i18n (0.7.0)
    jquery-middleman (3.1.2)
      thor (>= 0.14, < 2.0)
    json (1.8.3)
    kramdown (1.12.0)
    listen (2.10.1)
      celluloid (~> 0.16.0)
      rb-fsevent (>= 0.9.3)
      rb-inotify (>= 0.9)
    magnific-popup-rails (1.1.0)
    mail (2.6.4)
      mime-types (>= 1.16, < 4)
    middleman (3.3.12)
      coffee-script (~> 2.2)
      compass (>= 1.0.0, < 2.0.0)
      compass-import-once (= 1.0.5)
      execjs (~> 2.0)
      haml (>= 4.0.5)
      kramdown (~> 1.2)
      middleman-core (= 3.3.12)
      middleman-sprockets (>= 3.1.2)
      sass (>= 3.4.0, < 4.0)
      uglifier (~> 2.5)
    middleman-autoprefixer (2.7.0)
      autoprefixer-rails (>= 6.3.1, < 7.0.0)
      middleman-core (>= 3.3.3)
    middleman-core (3.3.12)
      activesupport (~> 4.1.0)
      bundler (~> 1.1)
      erubis
      hooks (~> 0.3)
      i18n (~> 0.7.0)
      listen (>= 2.7.9, < 3.0)
      padrino-helpers (~> 0.12.3)
      rack (>= 1.4.5, < 2.0)
      rack-test (~> 0.6.2)
      thor (>= 0.15.2, < 2.0)
      tilt (~> 1.4.1, < 2.0)
    middleman-deploy (1.0.0)
      middleman-core (>= 3.2)
      net-sftp
      ptools
    middleman-livereload (3.1.1)
      em-websocket (>= 0.2.0)
      middleman-core (>= 3.0.2)
      multi_json (~> 1.0)
      rack-livereload
    middleman-sprockets (3.4.2)
      middleman-core (>= 3.3)
      sprockets (~> 2.12.1)
      sprockets-helpers (~> 1.1.0)
      sprockets-sass (~> 1.3.0)
    mime-types (3.1)
      mime-types-data (~> 3.2015)
    mime-types-data (3.2016.0521)
    mini_portile2 (2.1.0)
    minitest (5.9.0)
    modernizr-rails (2.7.1)
    multi_json (1.12.1)
    net-sftp (2.1.2)
      net-ssh (>= 2.6.5)
    net-ssh (3.2.0)
    nokogiri (1.6.8)
      mini_portile2 (~> 2.1.0)
      pkg-config (~> 1.1.7)
    padrino-helpers (0.12.8.1)
      i18n (~> 0.6, >= 0.6.7)
      padrino-support (= 0.12.8.1)
      tilt (~> 1.4.1)
    padrino-support (0.12.8.1)
      activesupport (>= 3.1)
    pkg-config (1.1.7)
    premailer (1.8.7)
      css_parser (>= 1.4.5)
      htmlentities (>= 4.0.0)
    ptools (1.3.3)
    rack (1.6.4)
    rack-livereload (0.3.16)
      rack
    rack-test (0.6.3)
      rack (>= 1.0)
    rb-fsevent (0.9.7)
    rb-inotify (0.9.7)
      ffi (>= 0.5.0)
    sass (3.4.22)
    sprockets (2.12.4)
      hike (~> 1.2)
      multi_json (~> 1.0)
      rack (~> 1.0)
      tilt (~> 1.1, != 1.3.0)
    sprockets-helpers (1.1.0)
      sprockets (~> 2.0)
    sprockets-sass (1.3.1)
      sprockets (~> 2.0)
      tilt (~> 1.1)
    thor (0.19.1)
    thread_safe (0.3.5)
    tilt (1.4.1)
    timers (4.0.4)
      hitimes
    tzinfo (1.2.2)
      thread_safe (~> 0.1)
    uber (0.0.15)
    uglifier (2.7.2)
      execjs (>= 0.3.0)
      json (>= 1.8.0)

PLATFORMS
  ruby

DEPENDENCIES
  bootstrap-sass (~> 3.3.3)
  font-awesome-sass (~> 4.3.0)
  jquery-middleman
  magnific-popup-rails
  middleman (~> 3.3.10)
  middleman-autoprefixer
  middleman-deploy (~> 1.0)
  middleman-email!
  middleman-livereload (~> 3.1.0)
  modernizr-rails

BUNDLED WITH
   1.11.2
